GEM
  remote: https://rubygems.org/
  specs:
    domain_name (0.5.20160310)
      unf (>= 0.0.5, < 1.0.0)
<<<<<<< HEAD
    enju_accessor (0.9)
    erubis (2.7.0)
    http-cookie (1.0.2)
      domain_name (~> 0.5)
    kgio (2.10.0)
=======
    http-cookie (1.0.2)
      domain_name (~> 0.5)
>>>>>>> 2030fcac9d4e3fb5161d86194a747e213a616e58
    mime-types (2.99.1)
    netrc (0.11.0)
<<<<<<< HEAD
    rack (1.6.4)
    rack-protection (1.5.3)
      rack
    raindrops (0.16.0)
=======
    nokogiri (1.8.0)
      mini_portile2 (~> 2.2.0)
>>>>>>> 2030fcac9d4e3fb5161d86194a747e213a616e58
    rest-client (1.8.0)
      http-cookie (>= 1.0.2, < 2.0)
      mime-types (>= 1.16, < 3.0)
      netrc (~> 0.7)
<<<<<<< HEAD
    sinatra (1.4.7)
      rack (~> 1.5)
      rack-protection (~> 1.4)
      tilt (>= 1.3, < 3)
    tilt (2.0.2)
=======
    text_sentencer (1.0.2)
>>>>>>> 2030fcac9d4e3fb5161d86194a747e213a616e58
    unf (0.1.4)
      unf_ext
    unf_ext (0.0.7.2)

PLATFORMS
  ruby

DEPENDENCIES
<<<<<<< HEAD
  enju_accessor (~> 0.9)
  erubis
  rest-client
  sinatra
  unicorn
=======
  nokogiri (~> 1.8)
  rest-client
  text_sentencer (~> 1.0.2)
>>>>>>> 2030fcac9d4e3fb5161d86194a747e213a616e58

BUNDLED WITH
   1.16.0.pre.3
